PATH
  remote: .
  specs:
    redirect_safely (1.0.0)
      activemodel

GEM
  remote: https://rubygems.org/
  specs:
    activemodel (3.2.22.5)
      activesupport (= 3.2.22.5)
      builder (~> 3.0.0)
    activesupport (3.2.22.5)
      i18n (~> 0.6, >= 0.6.4)
      multi_json (~> 1.0)
    ast (2.4.0)
    builder (3.0.4)
    byebug (11.1.1)
    coderay (1.1.2)
    concurrent-ruby (1.1.6)
    i18n (0.9.5)
      concurrent-ruby (~> 1.0)
    jaro_winkler (1.5.4)
    method_source (0.9.2)
    multi_json (1.14.1)
    parallel (1.19.1)
    parser (2.7.1.1)
      ast (~> 2.4.0)
    power_assert (1.1.6)
    pry (0.12.2)
      coderay (~> 1.1.0)
      method_source (~> 0.9.0)
    pry-byebug (3.8.0)
      byebug (~> 11.0)
      pry (~> 0.10)
    rainbow (3.0.0)
    rake (13.0.1)
    rexml (3.2.4)
    rubocop (0.82.0)
      jaro_winkler (~> 1.5.1)
      parallel (~> 1.10)
      parser (>= 2.7.0.1)
      rainbow (>= 2.2.2, < 4.0)
      rexml
      ruby-progressbar (~> 1.7)
      unicode-display_width (>= 1.4.0, < 2.0)
    ruby-progressbar (1.10.1)
    test-unit (3.3.5)
      power_assert
    unicode-display_width (1.7.0)

PLATFORMS
  ruby

DEPENDENCIES
  activesupport (~> 3.0)
  bundler (~> 1.14)
  pry-byebug
  rake
  redirect_safely!
  rubocop
  test-unit (~> 3.0)

BUNDLED WITH
   1.17.3
